GIT
  remote: git://github.com/activeadmin/activeadmin.git
  revision: f7483e3b8fcd74437b03c18fb658dac62a9fc62e
  specs:
    activeadmin (1.0.0.pre2)
      arbre (~> 1.0, >= 1.0.2)
      bourbon
      coffee-rails
      formtastic (~> 3.1)
      formtastic_i18n
      inherited_resources (~> 1.6)
      jquery-rails
      jquery-ui-rails
      kaminari (~> 0.15)
      rails (>= 3.2, < 5.0)
      ransack (~> 1.3)
      sass-rails
      sprockets (< 4)

GIT
  remote: git://github.com/audionerd/draper.git
  revision: e816e0e5876b76c648c0928f1c3f2aa2c7a3d1f2
  branch: rails5
  specs:
    draper (2.1.0)
      actionpack (>= 3.0)
      activemodel (>= 3.0)
      activesupport (>= 3.0)
      request_store (~> 1.0)

GIT
  remote: git://github.com/justinfrench/formtastic.git
  revision: 16d94ce8799b9243ed1206875d1506d1b6a727ce
  specs:
    formtastic (3.2.0.pre)
      actionpack (>= 3.2.13)

GIT
  remote: git://github.com/rails/activemodel-serializers-xml.git
  revision: ad5ff3a9262576362792196a991de1d1778c5f48
  specs:
    activemodel-serializers-xml (1.0.0)
      activemodel (> 5.x)
      activerecord (> 5.x)
      activesupport (> 5.x)
      builder (~> 3.1)

GIT
  remote: https://github.com/sinatra/sinatra.git
  revision: 4c7d38eb1b2cc02ce51029f28e0c3c34ca12ccfd
  specs:
    sinatra (2.0.0.pre.alpha)
      rack (= 2.0.0.alpha)
      rack-protection (~> 1.5)
      tilt (~> 2.0)

GEM
  remote: https://rubygems.org/
  remote: https://rails-assets.org/
  specs:
    actioncable (5.0.0.beta2)
      actionpack (= 5.0.0.beta2)
      nio4r (~> 1.2)
      websocket-driver (~> 0.6.1)
    actionmailer (5.0.0.beta2)
      actionpack (= 5.0.0.beta2)
      actionview (= 5.0.0.beta2)
      activejob (= 5.0.0.beta2)
      mail (~> 2.5, >= 2.5.4)
      rails-dom-testing (~> 1.0, >= 1.0.5)
    actionpack (5.0.0.beta2)
      actionview (= 5.0.0.beta2)
      activesupport (= 5.0.0.beta2)
      rack (~> 2.x)
      rack-test (~> 0.6.3)
      rails-dom-testing (~> 1.0, >= 1.0.5)
      rails-html-sanitizer (~> 1.0, >= 1.0.2)
    actionview (5.0.0.beta2)
      activesupport (= 5.0.0.beta2)
      builder (~> 3.1)
      erubis (~> 2.7.0)
      rails-dom-testing (~> 1.0, >= 1.0.5)
      rails-html-sanitizer (~> 1.0, >= 1.0.2)
    activejob (5.0.0.beta2)
      activesupport (= 5.0.0.beta2)
      globalid (>= 0.3.6)
    activemodel (5.0.0.beta2)
      activesupport (= 5.0.0.beta2)
    activerecord (5.0.0.beta2)
      activemodel (= 5.0.0.beta2)
      activesupport (= 5.0.0.beta2)
      arel (~> 7.0)
    activesupport (5.0.0.beta2)
      concurrent-ruby (~> 1.0)
      i18n (~> 0.7)
      json (~> 1.7, >= 1.7.7)
      method_source
      minitest (~> 5.1)
      tzinfo (~> 1.1)
    arbre (1.0.3)
      activesupport (>= 3.0.0)
    arel (7.0.0)
    bcrypt (3.1.10)
    bourbon (4.2.6)
      sass (~> 3.4)
      thor (~> 0.19)
    builder (3.2.2)
    cancancan (1.13.1)
    capistrano (3.4.0)
      i18n
      rake (>= 10.0.0)
      sshkit (~> 1.3)
    capistrano-bundler (1.1.4)
      capistrano (~> 3.1)
      sshkit (~> 1.2)
    capistrano-rails (1.1.6)
      capistrano (~> 3.1)
      capistrano-bundler (~> 1.1)
    capistrano-rvm (0.1.2)
      capistrano (~> 3.0)
      sshkit (~> 1.2)
    capistrano3-unicorn (0.2.1)
      capistrano (~> 3.1, >= 3.1.0)
    coderay (1.1.0)
    coffee-rails (4.1.1)
      coffee-script (>= 2.2.0)
      railties (>= 4.0.0, < 5.1.x)
    coffee-script (2.4.1)
      coffee-script-source
      execjs
    coffee-script-source (1.10.0)
    concurrent-ruby (1.0.1)
    daemons (1.2.3)
    debug_inspector (0.0.2)
    devise (4.0.0.rc1)
      bcrypt (~> 3.0)
      orm_adapter (~> 0.1)
      railties (>= 4.1.0, < 5.1)
      responders
      warden (~> 1.2.3)
    diff-lcs (1.2.5)
    erubis (2.7.0)
    eventmachine (1.0.9.1)
    execjs (2.6.0)
    formtastic_i18n (0.5.0)
    globalid (0.3.6)
      activesupport (>= 4.1.0)
    haml (4.0.7)
      tilt
    has_scope (0.6.0)
      actionpack (>= 3.2, < 5)
      activesupport (>= 3.2, < 5)
    i18n (0.7.0)
    inherited_resources (1.6.0)
      actionpack (>= 3.2, < 5)
      has_scope (~> 0.6.0.rc)
      railties (>= 3.2, < 5)
      responders
    jquery-rails (4.1.0)
      rails-dom-testing (~> 1.0)
      railties (>= 4.2.0)
      thor (>= 0.14, < 2.0)
    jquery-ui-rails (5.0.5)
      railties (>= 3.2.16)
    json (1.8.3)
    kaminari (0.16.3)
      actionpack (>= 3.0.0)
      activesupport (>= 3.0.0)
    kgio (2.10.0)
    loofah (2.0.3)
      nokogiri (>= 1.5.9)
    mail (2.6.3)
      mime-types (>= 1.16, < 3)
    mailcatcher (0.2.4)
      eventmachine
      haml
      i18n
      json
      mail
      sinatra
      skinny (>= 0.1.2)
      sqlite3-ruby
      thin
    method_source (0.8.2)
    mime-types (2.99.1)
    mini_portile2 (2.0.0)
    minitest (5.8.4)
    net-scp (1.2.1)
      net-ssh (>= 2.6.5)
    net-ssh (3.0.2)
    nio4r (1.2.1)
    nokogiri (1.6.7.2)
      mini_portile2 (~> 2.0.0.rc2)
    orm_adapter (0.5.0)
    pg (0.18.4)
    polyamorous (1.3.0)
      activerecord (>= 3.0)
    pry (0.10.3)
      coderay (~> 1.1.0)
      method_source (~> 0.8.1)
      slop (~> 3.4)
    rack (2.0.0.alpha)
      json
    rack-protection (1.5.3)
      rack
    rack-test (0.6.3)
      rack (>= 1.0)
    rails (5.0.0.beta2)
      actioncable (= 5.0.0.beta2)
      actionmailer (= 5.0.0.beta2)
      actionpack (= 5.0.0.beta2)
      actionview (= 5.0.0.beta2)
      activejob (= 5.0.0.beta2)
      activemodel (= 5.0.0.beta2)
      activerecord (= 5.0.0.beta2)
      activesupport (= 5.0.0.beta2)
      bundler (>= 1.3.0, < 2.0)
      railties (= 5.0.0.beta2)
      sprockets-rails (>= 2.0.0)
    rails-assets-bootstrap (3.3.6)
      rails-assets-jquery (>= 1.9.1, < 3)
    rails-assets-jquery (2.2.0)
    rails-deprecated_sanitizer (1.0.3)
      activesupport (>= 4.2.0.alpha)
    rails-dom-testing (1.0.7)
      activesupport (>= 4.2.0.beta, < 5.0)
      nokogiri (~> 1.6.0)
      rails-deprecated_sanitizer (>= 1.0.1)
    rails-html-sanitizer (1.0.3)
      loofah (~> 2.0)
    railties (5.0.0.beta2)
      actionpack (= 5.0.0.beta2)
      activesupport (= 5.0.0.beta2)
      method_source
      rake (>= 0.8.7)
      thor (>= 0.18.1, < 2.0)
    raindrops (0.15.0)
    rake (10.5.0)
    ransack (1.7.0)
      actionpack (>= 3.0)
      activerecord (>= 3.0)
      activesupport (>= 3.0)
      i18n
      polyamorous (~> 1.2)
    request_store (1.3.0)
    responders (2.1.1)
      railties (>= 4.2.0, < 5.1)
    rspec-core (3.1.7)
      rspec-support (~> 3.1.0)
    rspec-expectations (3.1.2)
      diff-lcs (>= 1.2.0, < 2.0)
      rspec-support (~> 3.1.0)
    rspec-mocks (3.1.3)
      rspec-support (~> 3.1.0)
    rspec-rails (3.1.0)
      actionpack (>= 3.0)
      activesupport (>= 3.0)
      railties (>= 3.0)
      rspec-core (~> 3.1.0)
      rspec-expectations (~> 3.1.0)
      rspec-mocks (~> 3.1.0)
      rspec-support (~> 3.1.0)
    rspec-support (3.1.2)
    sass (3.4.21)
    sass-rails (5.0.4)
      railties (>= 4.0.0, < 5.0)
      sass (~> 3.1)
      sprockets (>= 2.8, < 4.0)
      sprockets-rails (>= 2.0, < 4.0)
      tilt (>= 1.1, < 3)
    skinny (0.2.4)
      eventmachine (~> 1.0.0)
      thin (>= 1.5, < 1.7)
    slim (3.0.6)
      temple (~> 0.7.3)
      tilt (>= 1.3.3, < 2.1)
    slop (3.6.0)
    spring (1.6.3)
    sprockets (3.5.2)
      concurrent-ruby (~> 1.0)
      rack (> 1, < 3)
    sprockets-rails (3.0.4)
      actionpack (>= 4.0)
      activesupport (>= 4.0)
      sprockets (>= 3.0.0)
    sqlite3 (1.3.11)
    sqlite3-ruby (1.3.3)
      sqlite3 (>= 1.3.3)
    sshkit (1.8.1)
      net-scp (>= 1.1.2)
      net-ssh (>= 2.8.0)
    temple (0.7.6)
    thin (1.6.2)
      daemons (>= 1.0.9)
      eventmachine (>= 1.0.0)
      rack (>= 1.0.0)
    thor (0.19.1)
    thread_safe (0.3.5)
    tilt (2.0.2)
    turbolinks (2.5.3)
      coffee-rails
    tzinfo (1.2.2)
      thread_safe (~> 0.1)
    uglifier (2.7.2)
      execjs (>= 0.3.0)
      json (>= 1.8.0)
    unicorn (5.0.1)
      kgio (~> 2.6)
      rack
      raindrops (~> 0.7)
    warden (1.2.6)
      rack (>= 1.0)
    web-console (3.1.1)
      activemodel (>= 4.2)
      debug_inspector
      railties (>= 4.2)
    websocket-driver (0.6.3)
      websocket-extensions (>= 0.1.0)
    websocket-extensions (0.1.2)

PLATFORMS
  ruby

DEPENDENCIES
  activeadmin!
  activemodel-serializers-xml!
  cancancan (~> 1.13, >= 1.13.1)
  capistrano-rails
  capistrano-rvm
  capistrano3-unicorn
  coffee-rails (~> 4.1.0)
  devise (= 4.0.0.rc1)
  draper!
  formtastic!
  jquery-rails
  mailcatcher
  pg (~> 0.18.4)
  pry
  rails (= 5.0.0.beta2)
  rails-assets-bootstrap!
  rspec-rails (~> 3.0)
  sass-rails (~> 5.0)
  sinatra!
  slim
  spring
  turbolinks
  uglifier (>= 1.3.0)
  unicorn
  web-console (~> 3.0)

BUNDLED WITH
   1.11.2
